GIT
  remote: https://github.com/DavidS/jekyll-analytics
  revision: c981c275e54379ebe65588f79dc88eb58e9b8e81
  branch: plausible-404-tracking
  specs:
    jekyll-analytics (0.1.12)

GEM
  remote: https://rubygems.org/
  specs:
    addressable (2.7.0)
      public_suffix (>= 2.0.2, < 5.0)
    cheesy-gallery (0.7.0)
      jekyll (~> 4.0)
      rmagick (~> 4.0)
      sorbet-runtime
    coderay (1.1.3)
    colorator (1.1.0)
    concurrent-ruby (1.1.8)
    em-websocket (0.5.2)
      eventmachine (>= 0.12.9)
      http_parser.rb (~> 0.6.0)
    eventmachine (1.2.7)
    ffi (1.15.0)
    forwardable-extended (2.6.0)
    htmlentities (4.3.4)
    http_parser.rb (0.6.0)
    i18n (1.8.9)
      concurrent-ruby (~> 1.0)
    jekyll (4.2.0)
      addressable (~> 2.4)
      colorator (~> 1.0)
      em-websocket (~> 0.5)
      i18n (~> 1.0)
      jekyll-sass-converter (~> 2.0)
      jekyll-watch (~> 2.0)
      kramdown (~> 2.3)
      kramdown-parser-gfm (~> 1.0)
      liquid (~> 4.0)
      mercenary (~> 0.4.0)
      pathutil (~> 0.9)
      rouge (~> 3.0)
      safe_yaml (~> 1.0)
      terminal-table (~> 2.0)
    jekyll-category-pages (1.1.1)
      jekyll (~> 4.0)
      jekyll-paginate (~> 1.1, >= 1.0.0)
    jekyll-feed (0.15.1)
      jekyll (>= 3.7, < 5.0)
    jekyll-import (0.20.0)
      jekyll (>= 3.7, < 5.0)
      nokogiri (~> 1.0)
      reverse_markdown (~> 1.0)
    jekyll-include-cache (0.2.1)
      jekyll (>= 3.7, < 5.0)
    jekyll-paginate (1.1.0)
    jekyll-sass-converter (2.1.0)
      sassc (> 2.0.1, < 3.0)
    jekyll-watch (2.2.1)
      listen (~> 3.0)
    kramdown (2.3.0)
      rexml
    kramdown-parser-gfm (1.1.0)
      kramdown (~> 2.0)
    liquid (4.0.3)
    liquid-c (4.0.0)
      liquid (>= 3.0.0)
    listen (3.4.1)
      rb-fsevent (~> 0.10, >= 0.10.3)
      rb-inotify (~> 0.9, >= 0.9.10)
    mercenary (0.4.0)
    method_source (1.0.0)
    mini_portile2 (2.5.0)
    mysql2 (0.5.3)
    nokogiri (1.11.2)
      mini_portile2 (~> 2.5.0)
      racc (~> 1.4)
    nokogiri (1.11.2-x86_64-linux)
      racc (~> 1.4)
    pathutil (0.16.2)
      forwardable-extended (~> 2.6)
    pry (0.14.0)
      coderay (~> 1.1)
      method_source (~> 1.0)
    public_suffix (4.0.6)
    racc (1.5.2)
    rb-fsevent (0.10.4)
    rb-inotify (0.10.1)
      ffi (~> 1.0)
    reverse_markdown (1.4.0)
      nokogiri
    rexml (3.2.4)
    rmagick (4.2.2)
    rouge (3.26.0)
    safe_yaml (1.0.5)
    sassc (2.4.0)
      ffi (~> 1.9)
    scrapi (2.0.0)
      tidy_ffi (>= 0.1.2)
    sequel (5.42.0)
    sorbet-runtime (0.5.6341)
    terminal-table (2.0.0)
      unicode-display_width (~> 1.1, >= 1.1.1)
    tidy_ffi (1.0.1)
      ffi (~> 1.2)
    unicode-display_width (1.7.0)
    unidecode (1.0.0)

PLATFORMS
  ruby
  x86_64-linux

DEPENDENCIES
  cheesy-gallery
  htmlentities
  jekyll (~> 4.1)
  jekyll-analytics (~> 0.1)!
  jekyll-category-pages
  jekyll-feed (~> 0.12)
  jekyll-import
  jekyll-include-cache
  jekyll-paginate (~> 1.1)
  liquid-c
  mysql2
  pry
  reverse_markdown
  scrapi
  sequel
  unidecode

BUNDLED WITH
   2.2.5
